PATH
  remote: .
  specs:
    shanty (0.0.1)
      algorithms (~> 0.6.1)
      commander (~> 4.2.1)
      deep_merge (~> 1.0.1)
      graph (~> 2.6.0)
      hooks (~> 0.4.0)

GEM
  remote: https://rubygems.org/
  specs:
    algorithms (0.6.1)
    ast (2.0.0)
    byebug (2.7.0)
      columnize (~> 0.3)
      debugger-linecache (~> 1.2)
    coderay (1.1.0)
    columnize (0.8.9)
    commander (4.2.1)
      highline (~> 1.6.11)
    coveralls (0.7.1)
      multi_json (~> 1.3)
      rest-client
      simplecov (>= 0.7)
      term-ansicolor
      thor
    debugger-linecache (1.2.0)
    deep_merge (1.0.1)
    diff-lcs (1.2.5)
    docile (1.1.5)
    graph (2.6.0)
    highline (1.6.21)
    hooks (0.4.0)
      uber (~> 0.0.4)
    json (1.8.1)
    method_source (0.8.2)
    mime-types (2.4.3)
    multi_json (1.10.1)
    netrc (0.8.0)
    parser (2.2.0.pre.6)
      ast (>= 1.1, < 3.0)
      slop (~> 3.4, >= 3.4.5)
    powerpack (0.0.9)
    pry (0.10.1)
      coderay (~> 1.1.0)
      method_source (~> 0.8.1)
      slop (~> 3.4)
    pry-byebug (1.3.3)
      byebug (~> 2.7)
      pry (~> 0.10)
    rainbow (2.0.0)
    rake (10.3.2)
    rest-client (1.7.2)
      mime-types (>= 1.16, < 3.0)
      netrc (~> 0.7)
    rspec (3.0.0)
      rspec-core (~> 3.0.0)
      rspec-expectations (~> 3.0.0)
      rspec-mocks (~> 3.0.0)
    rspec-core (3.0.4)
      rspec-support (~> 3.0.0)
    rspec-expectations (3.0.4)
      diff-lcs (>= 1.2.0, < 2.0)
      rspec-support (~> 3.0.0)
    rspec-mocks (3.0.4)
      rspec-support (~> 3.0.0)
    rspec-support (3.0.4)
    rubocop (0.24.1)
      json (>= 1.7.7, < 2)
      parser (>= 2.2.0.pre.3, < 3.0)
      powerpack (~> 0.0.6)
      rainbow (>= 1.99.1, < 3.0)
      ruby-progressbar (~> 1.4)
    rubocop-rspec (1.1.0)
      rubocop (~> 0.23)
    ruby-progressbar (1.6.1)
    simplecov (0.9.1)
      docile (~> 1.1.0)
      multi_json (~> 1.0)
      simplecov-html (~> 0.8.0)
    simplecov-html (0.8.0)
    slop (3.6.0)
    term-ansicolor (1.3.0)
      tins (~> 1.0)
    thor (0.19.1)
    tins (1.3.3)
    uber (0.0.10)

PLATFORMS
  ruby

DEPENDENCIES
  coveralls (~> 0.7.1)
  pry-byebug (~> 1.3.3)
  rake (~> 10.3.2)
  rspec (~> 3.0.0)
  rubocop (~> 0.24.1)
  rubocop-rspec (~> 1.1.0)
  shanty!
