PATH
  remote: .
  specs:
    shanty (0.0.1)
      algorithms (~> 0.6.1)
      graph (~> 2.6.0)
      thor (~> 0.18.1)

GEM
  remote: https://rubygems.org/
  specs:
    algorithms (0.6.1)
    graph (2.6.0)
    thor (0.18.1)

PLATFORMS
  ruby

DEPENDENCIES
  shanty!
