PATH
  remote: .
  specs:
    shanty (0.0.1)
      algorithms (~> 0.6.1)
      graph (~> 2.6.0)
      thor (~> 0.18.1)

GEM
  remote: https://rubygems.org/
  specs:
    algorithms (0.6.1)
    byebug (2.7.0)
      columnize (~> 0.3)
      debugger-linecache (~> 1.2)
    coderay (1.1.0)
    columnize (0.8.9)
    debugger-linecache (1.2.0)
    diff-lcs (1.2.5)
    graph (2.6.0)
    method_source (0.8.2)
    pry (0.10.0)
      coderay (~> 1.1.0)
      method_source (~> 0.8.1)
      slop (~> 3.4)
    pry-byebug (1.3.3)
      byebug (~> 2.7)
      pry (~> 0.10)
    rspec (3.0.0)
      rspec-core (~> 3.0.0)
      rspec-expectations (~> 3.0.0)
      rspec-mocks (~> 3.0.0)
    rspec-core (3.0.3)
      rspec-support (~> 3.0.0)
    rspec-expectations (3.0.3)
      diff-lcs (>= 1.2.0, < 2.0)
      rspec-support (~> 3.0.0)
    rspec-mocks (3.0.3)
      rspec-support (~> 3.0.0)
    rspec-support (3.0.3)
    slop (3.6.0)
    thor (0.18.1)

PLATFORMS
  ruby

DEPENDENCIES
  pry-byebug (~> 1.3.3)
  rspec (~> 3.0.0)
  shanty!
