PATH
  remote: .
  specs:
    shanty (0.0.1)
      algorithms (~> 0.6.1)
      graph (~> 2.6.0)
      thor (~> 0.18.1)

GEM
  remote: https://rubygems.org/
  specs:
    algorithms (0.6.1)
    ast (2.0.0)
    byebug (2.7.0)
      columnize (~> 0.3)
      debugger-linecache (~> 1.2)
    coderay (1.1.0)
    columnize (0.8.9)
    debugger-linecache (1.2.0)
    diff-lcs (1.2.5)
    graph (2.6.0)
    json (1.8.1)
    method_source (0.8.2)
    parser (2.2.0.pre.4)
      ast (>= 1.1, < 3.0)
      slop (~> 3.4, >= 3.4.5)
    powerpack (0.0.9)
    pry (0.10.0)
      coderay (~> 1.1.0)
      method_source (~> 0.8.1)
      slop (~> 3.4)
    pry-byebug (1.3.3)
      byebug (~> 2.7)
      pry (~> 0.10)
    rainbow (2.0.0)
    rspec (3.0.0)
      rspec-core (~> 3.0.0)
      rspec-expectations (~> 3.0.0)
      rspec-mocks (~> 3.0.0)
    rspec-core (3.0.3)
      rspec-support (~> 3.0.0)
    rspec-expectations (3.0.3)
      diff-lcs (>= 1.2.0, < 2.0)
      rspec-support (~> 3.0.0)
    rspec-mocks (3.0.3)
      rspec-support (~> 3.0.0)
    rspec-support (3.0.3)
    rubocop (0.24.1)
      json (>= 1.7.7, < 2)
      parser (>= 2.2.0.pre.3, < 3.0)
      powerpack (~> 0.0.6)
      rainbow (>= 1.99.1, < 3.0)
      ruby-progressbar (~> 1.4)
    rubocop-rspec (1.1.0)
      rubocop (~> 0.23)
    ruby-progressbar (1.5.1)
    slop (3.6.0)
    thor (0.18.1)

PLATFORMS
  ruby

DEPENDENCIES
  pry-byebug (~> 1.3.3)
  rspec (~> 3.0.0)
  rubocop (~> 0.24.1)
  rubocop-rspec (~> 1.1.0)
  shanty!
